GEM
  remote: https://rubygems.org/
  specs:
    coderay (1.1.1)
    method_source (0.8.2)
    multi_json (1.12.1)
    oj (2.17.1)
    pry (0.10.3)
      coderay (~> 1.1.0)
      method_source (~> 0.8.1)
      slop (~> 3.4)
    slop (3.6.0)
    vmstat (2.1.0)

PLATFORMS
  ruby

DEPENDENCIES
  multi_json
  oj
  pry
  vmstat

BUNDLED WITH
   1.12.5
